PATH
  remote: .
  specs:
    first_cli_project (0.1.0)
      nokogiri

GEM
  remote: https://rubygems.org/
  specs:
    mini_portile2 (2.4.0)
    nokogiri (1.10.4)
      mini_portile2 (~> 2.4.0)
    rake (13.0.1)

PLATFORMS
  ruby

DEPENDENCIES
  bundler (~> 2.0)
  first_cli_project!
  rake (~> 13.0)

BUNDLED WITH
   2.0.1
